PATH
  remote: .
  specs:
    http_shooting_party (0.0.1)
      curb
      excon
      httparty
      oj

GEM
  remote: https://rubygems.org/
  specs:
    curb (0.8.6)
    excon (0.37.0)
    httparty (0.13.1)
      json (~> 1.8)
      multi_xml (>= 0.5.2)
    json (1.8.1)
    multi_xml (0.5.5)
    oj (2.9.9)
    rake (10.3.2)

PLATFORMS
  ruby

DEPENDENCIES
  bundler (~> 1.6)
  http_shooting_party!
  rake
